STORAGE: NONE
RESTRICTION: == net6.0
NUGET
  remote: https://api.nuget.org/v3/index.json
    Argu (6.1.1)
      FSharp.Core (>= 4.3.2)
      System.Configuration.ConfigurationManager (>= 4.4)
    FSharp.Core (7.0.200)
    Newtonsoft.Json (13.0.3)
    System.Configuration.ConfigurationManager (4.4)
      System.Security.Cryptography.ProtectedData (>= 4.4)
    System.Security.Cryptography.ProtectedData (7.0.1)
